NUGET
  remote: https://www.nuget.org/api/v2
    FAKE (4.61.3)
    FSharp.Configuration (0.6.1) - restriction: >= net452
    FSharp.Data (2.3.1) - restriction: >= net452
    FSharp.Quotations.Evaluator (1.0.7) - restriction: >= net452
    FSharp.TypeProviders.StarterPack (1.1.3.88)
