RESTRICTION: == net452
NUGET
  remote: https://www.nuget.org/api/v2
    FAKE (4.63.2)
    FParsec (1.0.3)
      FSharp.Core (>= 4.0.0.1)
    FSharp.Compiler.Service (14.0.2)
      System.Collections.Immutable (>= 1.2)
      System.Reflection.Metadata (>= 1.4.2)
    FSharp.Configuration (1.3)
      FSharp.Core (>= 4.0.0.1)
    FSharp.Core (4.0.0.1)
    FSharp.Data (2.3.3)
    FSharp.TypeProviders.StarterPack (2.1)
    Microsoft.NETCore.Platforms (2.0)
    NETStandard.Library (2.0)
      Microsoft.NETCore.Platforms (>= 1.1)
      System.Runtime.InteropServices.RuntimeInformation (>= 4.3)
    SharpYaml (1.6.1)
    System.Collections.Immutable (1.4)
      NETStandard.Library (>= 1.6.1)
    System.Reflection.Metadata (1.5)
      NETStandard.Library (>= 1.6.1)
      System.Collections.Immutable (>= 1.4)
    System.Runtime.InteropServices.RuntimeInformation (4.3)
